GEM
  remote: http://rubygems.org/
  specs:
    ffi (1.0.11)
    growl_notify (0.0.3)
      rb-appscript
    guard (1.0.0)
      ffi (>= 0.5.0)
      thor (~> 0.14.6)
    guard-play (0.1.3)
      guard
    libnotify (0.7.2)
    rb-appscript (0.6.1)
    rb-fsevent (0.9.0)
    rb-inotify (0.8.8)
      ffi (>= 0.5.0)
    ruby_gntp (0.3.4)
    thor (0.14.6)

PLATFORMS
  ruby

DEPENDENCIES
  growl_notify
  guard
  guard-play
  libnotify
  rb-fsevent
  rb-inotify
  ruby_gntp
