GEM
  remote: http://rubygems.org/
  specs:
    ffi (1.0.11)
    guard (1.0.0)
      ffi (>= 0.5.0)
      thor (~> 0.14.6)
    guard-play (0.1.0)
      guard
    libnotify (0.7.2)
    rb-inotify (0.8.8)
      ffi (>= 0.5.0)
    thor (0.14.6)

PLATFORMS
  ruby

DEPENDENCIES
  guard
  guard-play
  libnotify
  rb-inotify
